GEM
  specs:
    docsplit (0.7.6)

PLATFORMS
  ruby

DEPENDENCIES
  docsplit

BUNDLED WITH
   1.10.6
